GEM
  remote: http://rubygems.org/
  specs:
    abstract (1.0.0)
    actionpack (3.0.0.rc)
      activemodel (= 3.0.0.rc)
      activesupport (= 3.0.0.rc)
      builder (~> 2.1.2)
      erubis (~> 2.6.6)
      i18n (~> 0.4.1)
      rack (~> 1.2.1)
      rack-mount (~> 0.6.9)
      rack-test (~> 0.5.4)
      tzinfo (~> 0.3.22)
    activemodel (3.0.0.rc)
      activesupport (= 3.0.0.rc)
      builder (~> 2.1.2)
      i18n (~> 0.4.1)
    activerecord (3.0.0.rc)
      activemodel (= 3.0.0.rc)
      activesupport (= 3.0.0.rc)
      arel (~> 0.4.0)
      tzinfo (~> 0.3.22)
    activeresource (3.0.0.rc)
      activemodel (= 3.0.0.rc)
      activesupport (= 3.0.0.rc)
    activesupport (3.0.0.rc)
    addressable (2.1.2)
    arel (0.4.0)
      activesupport (>= 3.0.0.beta)
    builder (2.1.2)
    data_objects (0.10.1)
      addressable (~> 2.1)
    dm-core (0.10.2)
      addressable (~> 2.1)
      extlib (~> 0.9.14)
    do_sqlite3 (0.10.1.1)
      data_objects (= 0.10.1)
    erubis (2.6.6)
      abstract (>= 1.0.0)
    extlib (0.9.15)
    i18n (0.4.1)
    mocha (0.9.8)
      rake
    mysql (2.8.1)
    pg (0.8.0)
    rack (1.2.1)
    rack-mount (0.6.9)
      rack (>= 1.0.0)
    rack-test (0.5.4)
      rack (>= 1.0)
    rake (0.8.7)
    rspec (1.3.0)
    sequel (3.8.0)
    sqlite3-ruby (1.2.5)
    tzinfo (0.3.22)

PLATFORMS
  ruby

DEPENDENCIES
  actionpack (~> 3.0.0.rc)
  activerecord (~> 3.0.0.rc)
  activeresource (~> 3.0.0.rc)
  dm-core (~> 0.10.2)
  do_sqlite3 (~> 0.10.1.1)
  mocha (~> 0.9.8)
  mysql (~> 2.8.1)
  pg (~> 0.8.0)
  rspec (~> 1.3.0)
  sequel (~> 3.8.0)
  sqlite3-ruby (~> 1.2.5)
